GEM
  remote: https://rubygems.org/
  specs:
    oauth (0.5.1)

PLATFORMS
  ruby

DEPENDENCIES
  oauth (~> 0.5.1)

RUBY VERSION
   ruby 2.2.3p173

BUNDLED WITH
   1.12.5
