GEM
  remote: https://rubygems.org/
  specs:
    oauth (0.5.5)

PLATFORMS
  ruby

DEPENDENCIES
  oauth (~> 0.5.5)

RUBY VERSION
   ruby 2.6.3p62

BUNDLED WITH
   1.17.2
